GEM
  remote: http://rubygems.org/
  specs:
    ZenTest (4.9.5)
    activemodel (4.0.4)
      activesupport (= 4.0.4)
      builder (~> 3.1.0)
    activerecord (4.0.4)
      activemodel (= 4.0.4)
      activerecord-deprecated_finders (~> 1.0.2)
      activesupport (= 4.0.4)
      arel (~> 4.0.0)
    activerecord-deprecated_finders (1.0.3)
    activesupport (4.0.4)
      i18n (~> 0.6, >= 0.6.9)
      minitest (~> 4.2)
      multi_json (~> 1.3)
      thread_safe (~> 0.1)
      tzinfo (~> 0.3.37)
    arel (4.0.2)
    autotest-growl (0.2.16)
    builder (3.1.4)
    i18n (0.6.9)
    minitest (4.6.1)
    multi_json (1.9.3)
    rake (10.0.3)
    sqlite3 (1.3.7)
    thread_safe (0.3.3)
    tzinfo (0.3.39)

PLATFORMS
  ruby

DEPENDENCIES
  ZenTest (~> 4.9.5)
  activerecord (~> 4.0)
  activerecord-jdbcsqlite3-adapter
  activesupport (~> 4.0)
  autotest-growl
  minitest
  rake
  sqlite3
